PATH
  remote: .
  specs:
    pg_rails (7.0.1)

GEM
  remote: https://rubygems.org/
  specs:

PLATFORMS
  x86_64-linux

DEPENDENCIES
  pg_rails!

BUNDLED WITH
   2.4.22
